GEM
  remote: https://rubygems.org/
  specs:
    nio4r (2.5.9)
    pg (1.5.3)
    puma (6.2.2)
      nio4r (~> 2.0)
    rack (3.0.7)
    rack-unreloader (2.1.0)
    rake (13.0.6)
    roda (3.67.0)
      rack
    sequel (5.68.0)

PLATFORMS
  x86_64-darwin-21

DEPENDENCIES
  bundler
  pg
  puma
  rack
  rack-unreloader
  rake
  roda
  sequel

BUNDLED WITH
   2.4.10
